GEM
  remote: http://rubygems.org/
  specs:
    eventmachine (0.12.10)
    minitest (3.3.0)
    rake (0.9.2.2)

PLATFORMS
  ruby

DEPENDENCIES
  eventmachine
  minitest (>= 3.0.0)
  rake
